GEM
  remote: https://rubygems.org/
  specs:
    actionpack (3.2.21)
      activemodel (= 3.2.21)
      activesupport (= 3.2.21)
      builder (~> 3.0.0)
      erubis (~> 2.7.0)
      journey (~> 1.0.4)
      rack (~> 1.4.5)
      rack-cache (~> 1.2)
      rack-test (~> 0.6.1)
      sprockets (~> 2.2.1)
    activemodel (3.2.21)
      activesupport (= 3.2.21)
      builder (~> 3.0.0)
    activerecord (3.2.21)
      activemodel (= 3.2.21)
      activesupport (= 3.2.21)
      arel (~> 3.0.2)
      tzinfo (~> 0.3.29)
    activesupport (3.2.21)
      i18n (~> 0.6, >= 0.6.4)
      multi_json (~> 1.0)
    amq-protocol (1.9.2)
    amqp (1.5.0)
      amq-protocol (>= 1.9.2)
      eventmachine
    arel (3.0.3)
    builder (3.0.4)
    bunny (1.6.3)
      amq-protocol (>= 1.9.2)
    daemon-kit (0.3.1)
      eventmachine (>= 0.12.10)
      thor
    diff-lcs (1.2.5)
    erubis (2.7.0)
    eventmachine (1.0.4)
    hike (1.2.3)
    i18n (0.7.0)
    ib-ruby (0.9.2)
      activerecord (>= 3.2.0)
      bundler (>= 1.1.3)
      standalone_migrations
      xml-simple (>= 1.1.1)
    journey (1.0.4)
    json (1.8.2)
    multi_json (1.10.1)
    rack (1.4.5)
    rack-cache (1.2)
      rack (>= 0.4)
    rack-ssl (1.3.4)
      rack
    rack-test (0.6.3)
      rack (>= 1.0)
    railties (3.2.21)
      actionpack (= 3.2.21)
      activesupport (= 3.2.21)
      rack-ssl (~> 1.3.2)
      rake (>= 0.8.7)
      rdoc (~> 3.4)
      thor (>= 0.14.6, < 2.0)
    rake (10.4.2)
    rdoc (3.12.2)
      json (~> 1.4)
    redis (3.2.0)
    rspec (3.1.0)
      rspec-core (~> 3.1.0)
      rspec-expectations (~> 3.1.0)
      rspec-mocks (~> 3.1.0)
    rspec-core (3.1.7)
      rspec-support (~> 3.1.0)
    rspec-expectations (3.1.2)
      diff-lcs (>= 1.2.0, < 2.0)
      rspec-support (~> 3.1.0)
    rspec-mocks (3.1.3)
      rspec-support (~> 3.1.0)
    rspec-support (3.1.2)
    safely (0.3.2)
    sprockets (2.2.3)
      hike (~> 1.2)
      multi_json (~> 1.0)
      rack (~> 1.0)
      tilt (~> 1.1, != 1.3.0)
    standalone_migrations (2.1.5)
      activerecord (~> 3.2)
      railties (~> 3.2)
      rake (~> 10.0)
    thor (0.19.1)
    tilt (1.4.1)
    tzinfo (0.3.42)
    xml-simple (1.1.4)

PLATFORMS
  ruby

DEPENDENCIES
  activerecord (~> 3.2.0)
  activesupport (~> 3.2.0)
  amqp
  bunny (>= 1.6.2)
  daemon-kit
  ib-ruby
  rake
  redis
  rspec
  safely
